GEM
  remote: https://rubygems.org/
  specs:
    json (1.8.3)
    kgio (2.10.0)
    logger (1.2.8)
    rack (1.6.4)
    rack-protection (1.5.3)
      rack
    raindrops (0.16.0)
    sequel (4.35.0)
    sinatra (1.4.7)
      rack (~> 1.5)
      rack-protection (~> 1.4)
      tilt (>= 1.3, < 3)
    sqlite3 (1.3.11)
    tilt (2.0.5)
    unicorn (5.1.0)
      kgio (~> 2.6)
      raindrops (~> 0.7)

PLATFORMS
  ruby

DEPENDENCIES
  json
  logger
  sequel
  sinatra
  sqlite3
  unicorn

BUNDLED WITH
   1.12.5
